GEM
  remote: https://rubygems.org/
  specs:
    chunky_png (1.3.1)
    compass (0.12.2)
      chunky_png (~> 1.2)
      fssm (>= 0.2.7)
      sass (~> 3.1)
    compass-photoshop-drop-shadow (0.0.1)
      compass
    fssm (0.2.10)
    sass (3.3.7)
    susy (2.1.2)
      sass (~> 3.3.0)

PLATFORMS
  ruby

DEPENDENCIES
  compass
  compass-photoshop-drop-shadow
  susy
