GEM
  remote: https://rubygems.org/
  specs:
    animation (0.1.alpha.3)
      compass (>= 0.12.0)
      sass (>= 3.2.0.alpha.95)
    chunky_png (1.3.1)
    colorize (0.7.3)
    compass (0.12.6)
      chunky_png (~> 1.2)
      fssm (>= 0.2.7)
      sass (~> 3.2.19)
    fssm (0.2.10)
    sass (3.2.19)
    sass-getunicode (1.0)
      sass (>= 3)
    scss-lint (0.7.0)
      colorize
      sass
    susy (1.0.9)
      compass (>= 0.12.2)
      sass (>= 3.2.0)

PLATFORMS
  ruby

DEPENDENCIES
  animation
  compass (~> 0.12.6)
  sass
  sass-getunicode
  scss-lint
  susy
